GIT
  remote: https://github.com/hanazuki/sam-build-fast.git
  revision: 13368457e41970f8b75b5d7d4bc601e47944df29
  specs:
    sam-build-fast (0.0.0)

GEM
  remote: https://rubygems.org/
  specs:
    rake (13.0.6)

PLATFORMS
  ruby

DEPENDENCIES
  rake
  sam-build-fast!

BUNDLED WITH
   2.2.15
