GIT
  remote: https://github.com/hanazuki/sam-build-fast.git
  revision: 82aa5071fa61003819a0e376291b439659283d95
  specs:
    sam-build-fast (0.0.0)

GEM
  remote: https://rubygems.org/
  specs:
    rake (13.0.3)

PLATFORMS
  ruby

DEPENDENCIES
  rake
  sam-build-fast!

BUNDLED WITH
   2.1.4
